##TITLE=Parameter List, ParaVision 6.0.1
##JCAMPDX=4.24
##DATATYPE=Parameter Values
##ORIGIN=Bruker BioSpin MRI GmbH
##OWNER=pxk
$$ 2021-06-19 08:28:03.144 +0100  pxk@CZC7148FSD
$$ /opt/PV6.0.1/data/pxk/20210618_160515_2n_UoBa_7Li_2n_UoBa_7Li_1_1/26/visu_pars
$$ process /opt/PV6.0.1/prog/mod/acq_out
##$VisuVersion=3
##$VisuUid=( 65 )
<2.16.756.5.5.100.9223372037985935254.160848.1624087682.1>
##$VisuCreator=( 65 )
<ParaVision>
##$VisuCreatorVersion=( 65 )
<6.0.1>
##$VisuCreationDate=<2021-06-19T08:28:02,734+0100>
##$VisuInstanceModality=( 65 )
<MR>
##$VisuCoreFrameCount=1
##$VisuCoreDim=2
##$VisuCoreSize=( 2 )
40 40
##$VisuCoreDimDesc=( 2 )
spatial spatial
##$VisuCoreExtent=( 2 )
25 25
##$VisuCoreFrameThickness=( 1 )
0.5
##$VisuCoreUnits=( 2, 65 )
<mm> <mm>
##$VisuCoreOrientation=( 1, 9 )
1 0 0 0 1 0 0 0 1
##$VisuCorePosition=( 1, 3 )
-12.5 -12.5 0.06
##$VisuCoreDataMin=( 1 )
241.490741639478
##$VisuCoreDataMax=( 1 )
32766.5
##$VisuCoreDataOffs=( 1 )
0
##$VisuCoreDataSlope=( 1 )
0.00678124302521848
##$VisuCoreFrameType=( 1 )
MAGNITUDE_IMAGE
##$VisuCoreSlicePacksDef=(-1, 1)
##$VisuCoreSlicePacksSlices=( 1 )
(0, 1)
##$VisuCoreSlicePacksSliceDist=( 1 )
0.5
##$VisuCoreWordType=_16BIT_SGN_INT
##$VisuCoreByteOrder=littleEndian
##$VisuSubjectName=( 65 )
<2n_UoBa_7Li>
##$VisuSubjectId=( 65 )
<2n_UoBa_7Li>
##$VisuSubjectUid=( 65 )
<2.16.756.5.5.100.3278643094.180326.1624028715.2837>
##$VisuSubjectInstanceCreationDate=(1624028715, 55, 60)
##$VisuSubjectBirthDate=( 9 )
<20210618>
##$VisuSubjectSex=UNDEFINED
##$VisuSubjectType=Other
##$VisuStudyUid=( 65 )
<2.16.756.5.5.100.3278643094.180326.1624028715.2838>
##$VisuStudyDate=<2021-06-18T16:05:15,055+0100>
##$VisuStudyId=( 65 )
<2n_UoBa_7Li>
##$VisuStudyNumber=1
##$VisuSubjectWeight=0.001
##$VisuStudyReferringPhysician=( 65 )
<pxk>
##$VisuStudyDescription=( 2048 )
<\
>
##$VisuExperimentNumber=26
##$VisuProcessingNumber=1
##$VisuSeriesDate=<2021-06-19T08:28:02,734+0100>
##$VisuSubjectPosition=Head_Supine
##$VisuSeriesTypeId=( 65 )
<ACQ_BRUKER_PVM>
##$VisuManufacturer=( 65 )
<Bruker BioSpin MRI GmbH>
##$VisuAcqSoftwareVersion=( 65 )
<6.0.1>
##$VisuInstitution=( 65 )
<Birmingham University>
##$VisuStation=( 65 )
<AV3-HD300>
##$VisuSystemOrderNumber=( 65 )
<10263678>
##$VisuAcqDate=<2021-06-19T07:53:01,657+0100>
##$VisuAcqEchoTrainLength=1
##$VisuAcqSequenceName=( 40 )
<Bruker:RARE>
##$VisuAcqNumberOfAverages=512
##$VisuAcqImagingFrequency=116.642265999539
##$VisuAcqImagedNucleus=( 8 )
<7Li>
##$VisuAcqRepetitionTime=( 1 )
100
##$VisuAcqPhaseEncSteps=40
##$VisuAcqPixelBandwidth=2500
##$VisuAcqFlipAngle=90
##$VisuAcqSize=( 2 )
40 40
##$VisuAcqImageSizeAccellerated=No
##$VisuAcqGradEncoding=( 2 )
phase_enc read_enc
##$VisuAcqEchoTime=( 1 )
2.5
##$VisuAcquisitionProtocol=( 65 )
<RARE>
##$VisuAcqScanTime=2048000
##$VisuAcqAntiAlias=( 2 )
1 1
##$VisuAcqEchoSequenceType=Both
##$VisuAcqSpinsVelocityEncoded=No
##$VisuAcqHasTimeOfFlightContrast=No
##$VisuAcqIsEpiSequence=No
##$VisuAcqSpectralSuppression=NoSuppression
##$VisuAcqKSpaceTraversal=RectilinearTraversal
##$VisuAcqEncodingOrder=( 2 )
LinearEncoding LinearEncoding
##$VisuAcqKSpaceTrajectoryCnt=1
##$VisuAcqKSpaceFiltering=( 2 )
NO_WDW NO_WDW
##$VisuAcqFlowCompensation=FlowNone
##$VisuAcqSpoiling=GradientSpoiled
##$VisuAcqPartialFourier=( 2 )
1 1
##$VisuAcqParallelReductionFactor=( 2 )
1 1
##$VisuAcqMagnetizationTransfer=No
##$VisuAcqBloodSignalNulling=No
##$VisuCardiacSynchUsed=No
##$VisuRespSynchUsed=No
##END=
$$ File finished by PARX at 2021-06-19 08:28:03.145 +0100
