##TITLE=Parameter List, ParaVision 6.0.1
##JCAMPDX=4.24
##DATATYPE=Parameter Values
##ORIGIN=Bruker BioSpin MRI GmbH
##OWNER=pxk
$$ 2021-05-21 20:38:25.861 +0100  pxk@CZC7148FSD
$$ /opt/PV6.0.1/data/pxk/20210520_182006_PM_ML_UoBa_7Li_PM_ML_UoBa_7Li_1_1/11/acqp
$$ process /opt/PV6.0.1/prog/mod/acq_out
##$PULPROG=( 32 )
<RARE.ppg>
##$GRDPROG=( 16 )
<>
##$ACQ_experiment_mode=SingleExperiment
##$ACQ_PexSelect=0
##$ACQ_load_shim_set_list=No
##$ACQ_user_filter=No
$$ @vis= PULPROG GRDPROG ACQ_experiment_mode ACQ_load_shim_set_list
##$ACQ_DS_enabled=Yes
##$ACQ_switch_pll_enabled=No
##$ACQ_preload=0
##$ACQ_branch_preload=( 10, 2 )
1000000 1000000 1000000 1000000 1000000 1000000 1000000 1000000 1000000 
1000000 1000000 1000000 1000000 1000000 1000000 1000000 1000000 1000000 500 
500
$$ @vis= ACQ_user_filter ACQ_DS_enabled ACQ_switch_pll_enabled ACQ_preload
##$ACQ_jobs_size=0
##$ACQ_jobs=( 1 )
(0, 1, 0, 1, 64, 3201.02432778489, 0, 0)
##$ACQ_dim=2
##$ACQ_dim_desc=( 2 )
Spatial Spatial
##$ACQ_size=( 2 )
80 40
##$ACQ_ns_list_size=1
$$ @vis= ACQ_branch_preload ACQ_jobs_size ACQ_dim ACQ_dim_desc ACQ_size
##$ACQ_ns=1
##$ACQ_ns_list=( 1 )
1
##$ACQ_phase_factor=1
##$ACQ_scan_size=One_scan
##$NI=1
$$ @vis= ACQ_ns_list_size ACQ_ns ACQ_ns_list ACQ_phase_factor ACQ_scan_size
##$NA=512
##$NAE=1
##$NR=1
##$DS=1
##$D=( 64 )
0.0946565171857403 0.000475 0.0004 0.000125 0 0.000815 0.00011 0 2.5e-05 
0.000653482814259681 1e-05 0.0004 0 0 0 0 0 0 0 0 0 0 0 0 0 0 0 0 0 0 0 0 0 0 
0 0 0 0 0 0 0 0 0 0 0 0 0 0 0 0 0 0 0 0 0 0 0 0 0 0 0 0 0 0
##$P=( 64 )
500 500 0 0 0 0 0 0 0 0 0 0 0 0 0 0 0 0 0 0 0 0 0 0 0 0 0 0 0 0 0 0 0 0 0 0 0 
0 0 0 0 0 0 0 0 0 0 0 0 0 0 0 0 0 0 0 0 0 0 0 0 0 0 0
##$PLW=( 64 )
0 0 0 0 0 0 0 0 0 0 0 0 0 0 0 0 0 0 0 0 0 0 0 0 0 0 0 0 0 0 0 0 0 0 0 0 0 0 0 
0 0 0 0 0 0 0 0 0 0 0 0 0 0 0 0 0 0 0 0 0 0 0 0 0
##$SPPEX=( 64 )
0 0 0 0 0 0 0 0 0 0 0 0 0 0 0 0 0 0 0 0 0 0 0 0 0 0 0 0 0 0 0 0 0 0 0 0 0 0 0 
0 0 0 0 0 0 0 0 0 0 0 0 0 0 0 0 0 0 0 0 0 0 0 0 0
##$ACQ_RfShapes=( 64 )
(<$ExcPulse1Shape>, 14.1379141686236, 0, 0.5, 0, 100 100 100 100 100 100 100 
100, 0 0 0 0 0 0 0 0) (<$RefPulse1Shape>, 110.851345113651, 0, 0, 0, 100 100 
100 100 100 100 100 100, 0 0 0 0 0 0 0 0) (<>, 0, 0, 0.5, 0, 0 0 0 0 0 0 0 0, 
0 0 0 0 0 0 0 0) (<>, 0, 0, 0.5, 0, 0 0 0 0 0 0 0 0, 0 0 0 0 0 0 0 0) (<>, 0, 
0, 0.5, 0, 0 0 0 0 0 0 0 0, 0 0 0 0 0 0 0 0) (<>, 0, 0, 0.5, 0, 0 0 0 0 0 0 0 
0, 0 0 0 0 0 0 0 0) (<>, 0, 0, 0.5, 0, 0 0 0 0 0 0 0 0, 0 0 0 0 0 0 0 0) (<>, 
0, 0, 0.5, 0, 0 0 0 0 0 0 0 0, 0 0 0 0 0 0 0 0) (<>, 0, 0, 0.5, 0, 0 0 0 0 0 
0 0 0, 0 0 0 0 0 0 0 0) (<>, 0, 0, 0.5, 0, 0 0 0 0 0 0 0 0, 0 0 0 0 0 0 0 0) 
(<>, 0, 0, 0.5, 0, 0 0 0 0 0 0 0 0, 0 0 0 0 0 0 0 0) (<>, 0, 0, 0.5, 0, 0 0 0 
0 0 0 0 0, 0 0 0 0 0 0 0 0) (<>, 0, 0, 0.5, 0, 0 0 0 0 0 0 0 0, 0 0 0 0 0 0 0 
0) (<>, 0, 0, 0.5, 0, 0 0 0 0 0 0 0 0, 0 0 0 0 0 0 0 0) (<>, 0, 0, 0.5, 0, 0 
0 0 0 0 0 0 0, 0 0 0 0 0 0 0 0) (<>, 0, 0, 0.5, 0, 0 0 0 0 0 0 0 0, 0 0 0 0 0 
0 0 0) (<>, 0, 0, 0.5, 0, 0 0 0 0 0 0 0 0, 0 0 0 0 0 0 0 0) (<>, 0, 0, 0.5, 0,
 0 0 0 0 0 0 0 0, 0 0 0 0 0 0 0 0) (<>, 0, 0, 0.5, 0, 0 0 0 0 0 0 0 0, 0 0 0 
0 0 0 0 0) (<>, 0, 0, 0.5, 0, 0 0 0 0 0 0 0 0, 0 0 0 0 0 0 0 0) (<>, 0, 0, 
0.5, 0, 0 0 0 0 0 0 0 0, 0 0 0 0 0 0 0 0) (<>, 0, 0, 0.5, 0, 0 0 0 0 0 0 0 0, 
0 0 0 0 0 0 0 0) (<>, 0, 0, 0.5, 0, 0 0 0 0 0 0 0 0, 0 0 0 0 0 0 0 0) (<>, 0, 
0, 0.5, 0, 0 0 0 0 0 0 0 0, 0 0 0 0 0 0 0 0) (<>, 0, 0, 0.5, 0, 0 0 0 0 0 0 0 
0, 0 0 0 0 0 0 0 0) (<>, 0, 0, 0.5, 0, 0 0 0 0 0 0 0 0, 0 0 0 0 0 0 0 0) (<>, 
0, 0, 0.5, 0, 0 0 0 0 0 0 0 0, 0 0 0 0 0 0 0 0) (<>, 0, 0, 0.5, 0, 0 0 0 0 0 
0 0 0, 0 0 0 0 0 0 0 0) (<>, 0, 0, 0.5, 0, 0 0 0 0 0 0 0 0, 0 0 0 0 0 0 0 0) 
(<>, 0, 0, 0.5, 0, 0 0 0 0 0 0 0 0, 0 0 0 0 0 0 0 0) (<>, 0, 0, 0.5, 0, 0 0 0 
0 0 0 0 0, 0 0 0 0 0 0 0 0) (<>, 0, 0, 0.5, 0, 0 0 0 0 0 0 0 0, 0 0 0 0 0 0 0 
0) (<>, 0, 0, 0.5, 0, 0 0 0 0 0 0 0 0, 0 0 0 0 0 0 0 0) (<>, 0, 0, 0.5, 0, 0 
0 0 0 0 0 0 0, 0 0 0 0 0 0 0 0) (<>, 0, 0, 0.5, 0, 0 0 0 0 0 0 0 0, 0 0 0 0 0 
0 0 0) (<>, 0, 0, 0.5, 0, 0 0 0 0 0 0 0 0, 0 0 0 0 0 0 0 0) (<>, 0, 0, 0.5, 0,
 0 0 0 0 0 0 0 0, 0 0 0 0 0 0 0 0) (<>, 0, 0, 0.5, 0, 0 0 0 0 0 0 0 0, 0 0 0 
0 0 0 0 0) (<>, 0, 0, 0.5, 0, 0 0 0 0 0 0 0 0, 0 0 0 0 0 0 0 0) (<>, 0, 0, 
0.5, 0, 0 0 0 0 0 0 0 0, 0 0 0 0 0 0 0 0) (<$PVM_FatSupPulShape>, 
0.0333939749023038, 0, 0.5, 0, 100 100 100 100 100 100 100 100, 0 0 0 0 0 0 0 
0) (<sech.exc>, 1.06093081749835, 0, 0.5, 0, 100 100 100 100 100 100 100 100, 
0 0 0 0 0 0 0 0) (<$PVM_SelIrPulShape>, 9.35190671839693, 0, 0, 0, 100 100 
100 100 100 100 100 100, 0 0 0 0 0 0 0 0) (<>, 0, 0, 0.5, 0, 0 0 0 0 0 0 0 0, 
0 0 0 0 0 0 0 0) (<$PVM_FlowSatPulShape>, 1.80330537865097, 0, 0.5, 0, 100 
100 100 100 100 100 100 100, 0 0 0 0 0 0 0 0) (<bp.exc>, 4.927734375, 0, 0.5, 
0, 100 100 100 100 100 100 100 100, 0 0 0 0 0 0 0 0) (<$PVM_BlBloodPulShape>, 
9.35190671839693, 0, 0, 0, 100 100 100 100 100 100 100 100, 0 0 0 0 0 0 0 0) 
(<>, 0, 0, 0.5, 0, 0 0 0 0 0 0 0 0, 0 0 0 0 0 0 0 0) (<>, 0, 0, 0.5, 0, 0 0 0 
0 0 0 0 0, 0 0 0 0 0 0 0 0) (<>, 0, 0, 0.5, 0, 0 0 0 0 0 0 0 0, 0 0 0 0 0 0 0 
0) (<>, 0, 0, 0.5, 0, 0 0 0 0 0 0 0 0, 0 0 0 0 0 0 0 0) (<>, 0, 0, 0.5, 0, 0 
0 0 0 0 0 0 0, 0 0 0 0 0 0 0 0) (<>, 0, 0, 0.5, 0, 0 0 0 0 0 0 0 0, 0 0 0 0 0 
0 0 0) (<>, 0, 0, 0.5, 0, 0 0 0 0 0 0 0 0, 0 0 0 0 0 0 0 0) (<>, 0, 0, 0.5, 0,
 0 0 0 0 0 0 0 0, 0 0 0 0 0 0 0 0) (<>, 0, 0, 0.5, 0, 0 0 0 0 0 0 0 0, 0 0 0 
0 0 0 0 0) (<>, 0, 0, 0.5, 0, 0 0 0 0 0 0 0 0, 0 0 0 0 0 0 0 0) (<>, 0, 0, 
0.5, 0, 0 0 0 0 0 0 0 0, 0 0 0 0 0 0 0 0) (<>, 0, 0, 0.5, 0, 0 0 0 0 0 0 0 0, 
0 0 0 0 0 0 0 0) (<>, 0, 0, 0.5, 0, 0 0 0 0 0 0 0 0, 0 0 0 0 0 0 0 0) (<>, 0, 
0, 0.5, 0, 0 0 0 0 0 0 0 0, 0 0 0 0 0 0 0 0) (<>, 0, 0, 0.5, 0, 0 0 0 0 0 0 0 
0, 0 0 0 0 0 0 0 0) (<>, 0, 0, 0.5, 0, 0 0 0 0 0 0 0 0, 0 0 0 0 0 0 0 0) (<>, 
0, 0, 0.5, 0, 0 0 0 0 0 0 0 0, 0 0 0 0 0 0 0 0)
##$SW_h=100000
##$SW=857.322275102486
##$FW=0
##$RG=101
##$AQ_mod=qdig
##$DR=20
##$PAPS=QP
##$PH_ref=0
$$ @vis= NI NA NAE NR DS D P PLW ACQ_RfShapes SW_h SW RG AQ_mod DR PAPS
##$BF1=116.642250999539
##$SFO1=116.642250999539
##$O1=0
##$ACQ_O1_list_size=1
##$ACQ_O1_list=( 1 )
-18816
##$ACQ_O1B_list_size=1
##$ACQ_O1B_list=( 1 )
0
$$ @vis= PH_ref BF1 SFO1 O1 ACQ_O1_list_size ACQ_O1_list ACQ_O1B_list_size
##$BF2=300.13
##$SFO2=300.13
##$O2=0
##$ACQ_O2_list_size=1
##$ACQ_O2_list=( 1 )
0
##$BF3=300.13
##$SFO3=300.13
##$O3=0
##$ACQ_O3_list_size=1
$$ @vis= ACQ_O1B_list BF2 SFO2 O2 ACQ_O2_list_size ACQ_O2_list BF3 SFO3 O3
##$ACQ_O3_list=( 1 )
0
##$BF4=300.13
##$SFO4=300.13
##$O4=0
##$BF5=300.13
##$SFO5=300.13
##$O5=0
##$BF6=300.13
##$SFO6=300.13
##$O6=0
##$BF7=300.13
##$SFO7=300.13
$$ @vis= ACQ_O3_list_size ACQ_O3_list BF4 SFO4 O4 BF5 SFO5 O5 BF6 SFO6 O6 BF7
##$O7=0
##$BF8=300.13
##$SFO8=300.13
##$O8=0
##$NUC1=( 8 )
<7Li>
##$NUC2=( 8 )
<off>
##$NUC3=( 8 )
<off>
##$NUC4=( 8 )
<off>
##$NUC5=( 8 )
<off>
##$NUC6=( 8 )
<off>
##$NUC7=( 8 )
<off>
##$NUC8=( 8 )
<off>
##$NUCLEUS=( 8 )
<7Li>
##$ACQ_Routing=RouteDefinedByCoil
##$L=( 32 )
0 1 40 0 0 0 0 0 0 0 0 0 0 0 0 0 0 0 0 0 0 0 0 0 0 0 0 0 0 0 0 0
$$ @vis= SFO7 O7 BF8 SFO8 O8 NUC1 NUC2 NUC3 NUC4 NUC5 NUC6 NUC7 NUC8 NUCLEUS
##$ACQ_vd_list_size=1
##$ACQ_vd_list=( 1 )
1e-06
##$ACQ_vp_list_size=1
##$ACQ_vp_list=( 1 )
1e-06
##$ACQ_protocol_name=( 64 )
<RARE>
$$ @vis= L ACQ_vd_list_size ACQ_vd_list ACQ_vp_list_size ACQ_vp_list
##$ACQ_scan_name=( 64 )
<RARE (E11)>
##$ACQ_method=( 40 )
<Bruker:RARE>
##$ACQ_completed=Yes
##$ACQ_pipe_status=Wrapup
$$ @vis= ACQ_protocol_name ACQ_scan_name ACQ_method ACQ_completed
##$ACQ_scans_completed=0
##$ACQ_nr_completed=1
##$ACQ_total_completed=40
$$ @vis= ACQ_pipe_status ACQ_scans_completed ACQ_nr_completed
##$ACQ_word_size=_32_BIT
##$NECHOES=1
##$ACQ_n_echo_images=1
##$ACQ_n_movie_frames=1
$$ @vis= ACQ_total_completed ACQ_word_size NECHOES ACQ_n_echo_images
##$ACQ_echo_descr=( 1, 20 )
<>
##$ACQ_movie_descr=( 1, 20 )
<>
##$ACQ_fov=( 2 )
2.5 2.5
##$ACQ_read_ext=1
$$ @vis= ACQ_n_movie_frames ACQ_echo_descr ACQ_movie_descr ACQ_fov
##$ACQ_slice_angle=( 1 )
0
##$ACQ_slice_orient=Arbitrary_Oblique
##$ACQ_patient_pos=Head_Supine
##$ACQ_read_offset=( 1 )
0
$$ @vis= ACQ_read_ext ACQ_slice_angle ACQ_slice_orient ACQ_patient_pos
##$ACQ_phase1_offset=( 1 )
0
##$ACQ_phase2_offset=( 1 )
0
##$ACQ_slice_sepn=( 1 )
0.5
##$ACQ_slice_sepn_mode=Contiguous
$$ @vis= ACQ_read_offset ACQ_phase1_offset ACQ_phase2_offset ACQ_slice_sepn
##$ACQ_slice_thick=0.5
##$ACQ_slice_offset=( 1 )
-1.12
##$ACQ_obj_order=( 1 )
0
##$ACQ_flip_angle=90
$$ @vis= ACQ_slice_sepn_mode ACQ_slice_thick ACQ_slice_offset ACQ_obj_order
##$ACQ_flipback=No
##$ACQ_echo_time=( 1 )
3
##$ACQ_inter_echo_time=( 1 )
3
##$ACQ_recov_time=( 1 )
98.5
$$ @vis= ACQ_flip_angle ACQ_flipback ACQ_echo_time ACQ_inter_echo_time
##$ACQ_repetition_time=( 1 )
100
##$ACQ_scan_time=0
##$ACQ_inversion_time=( 1 )
0
##$ACQ_temporal_delay=( 1 )
0
$$ @vis= ACQ_recov_time ACQ_repetition_time ACQ_scan_time ACQ_inversion_time
##$ACQ_time=<2021-05-21T20:03:25,285+0100>
##$ACQ_time_points=( 1 )
0
##$ACQ_abs_time=(1621623805, 285, 60)
##$ACQ_operator=( 16 )
<pxk>
$$ @vis= ACQ_temporal_delay ACQ_time ACQ_time_points ACQ_abs_time
##$ACQ_RF_power=0
##$ACQ_transmitter_coil=( 16 )
<>
##$ACQ_contrast_agent=( 20 )
<>
##$ACQ_trigger_enable=No
$$ @vis= ACQ_operator ACQ_RF_power ACQ_transmitter_coil ACQ_contrast_agent
##$ACQ_institution=( 48 )
<Birmingham University>
##$ACQ_station=( 64 )
<AV3-HD300>
##$ACQ_system_order_number=( 24 )
<10263678>
$$ @vis= ACQ_trigger_enable ACQ_institution ACQ_station
##$ACQ_sw_version=( 65 )
<PV 6.0.1>
##$ACQ_grad_str_X=0
##$ACQ_grad_str_Y=0
##$ACQ_grad_str_Z=0
$$ @vis= ACQ_system_order_number ACQ_sw_version ACQ_grad_str_X ACQ_grad_str_Y
##$ACQ_position_X=0
##$ACQ_position_Y=0
##$ACQ_position_Z=0
##$BYTORDA=little
##$INSTRUM=( 64 )
<spect>
$$ @vis= ACQ_grad_str_Z ACQ_position_X ACQ_position_Y ACQ_position_Z BYTORDA
##$ACQ_adc_overflow=( 1 )
No
##$GRPDLY=20.003173828125
##$FRQLO3=0
##$ACQ_CalibratedRG=( 1, 1 )
103.34
##$FQ1LIST=( 16 )
<ACQ_O1_list>
$$ @vis= INSTRUM ACQ_adc_overflow GRPDLY FRQLO3 ACQ_CalibratedRG ACQ_INFO
##$FQ2LIST=( 16 )
<ACQ_O2_list>
##$FQ3LIST=( 16 )
<ACQ_O3_list>
##$FQ8LIST=( 16 )
<ACQ_O1B_list>
##$SPW=( 64 )
14.1379141686236 110.851345113651 0 0 0 0 0 0 0 0 0 0 0 0 0 0 0 0 0 0 0 0 0 0 
0 0 0 0 0 0 0 0 0 0 0 0 0 0 0 0 0.0333939749023038 1.06093081749835 
9.35190671839693 0 1.80330537865097 4.927734375 9.35190671839693 0 0 0 0 0 0 
0 0 0 0 0 0 0 0 0 0 0
##$SPOAL=( 64 )
0.5 0 0.5 0.5 0.5 0.5 0.5 0.5 0.5 0.5 0.5 0.5 0.5 0.5 0.5 0.5 0.5 0.5 0.5 0.5 
0.5 0.5 0.5 0.5 0.5 0.5 0.5 0.5 0.5 0.5 0.5 0.5 0.5 0.5 0.5 0.5 0.5 0.5 0.5 
0.5 0.5 0.5 0 0.5 0.5 0.5 0 0.5 0.5 0.5 0.5 0.5 0.5 0.5 0.5 0.5 0.5 0.5 0.5 
0.5 0.5 0.5 0.5 0.5
##$SPOFFS=( 64 )
0 0 0 0 0 0 0 0 0 0 0 0 0 0 0 0 0 0 0 0 0 0 0 0 0 0 0 0 0 0 0 0 0 0 0 0 0 0 0 
0 0 0 0 0 0 0 0 0 0 0 0 0 0 0 0 0 0 0 0 0 0 0 0 0
##$SPNAM0=( 64 )
<$ExcPulse1Shape>
##$SPNAM1=( 64 )
<$RefPulse1Shape>
##$SPNAM2=( 64 )
<>
$$ @vis= FQ1LIST FQ2LIST FQ3LIST FQ8LIST SPW SPOAL SPOFFS SPNAM0 SPNAM1
##$SPNAM3=( 64 )
<>
##$SPNAM4=( 64 )
<>
##$SPNAM5=( 64 )
<>
##$SPNAM6=( 64 )
<>
##$SPNAM7=( 64 )
<>
##$SPNAM8=( 64 )
<>
##$SPNAM9=( 64 )
<>
##$SPNAM10=( 64 )
<>
##$SPNAM11=( 64 )
<>
$$ @vis= SPNAM2 SPNAM3 SPNAM4 SPNAM5 SPNAM6 SPNAM7 SPNAM8 SPNAM9 SPNAM10
##$SPNAM12=( 64 )
<>
##$SPNAM13=( 64 )
<>
##$SPNAM14=( 64 )
<>
##$SPNAM15=( 64 )
<>
##$SPNAM16=( 64 )
<>
##$SPNAM17=( 64 )
<>
##$SPNAM18=( 64 )
<>
##$SPNAM19=( 64 )
<>
$$ @vis= SPNAM11 SPNAM12 SPNAM13 SPNAM14 SPNAM15 SPNAM16 SPNAM17 SPNAM18
##$SPNAM20=( 64 )
<>
##$SPNAM21=( 64 )
<>
##$SPNAM22=( 64 )
<>
##$SPNAM23=( 64 )
<>
##$SPNAM24=( 64 )
<>
##$SPNAM25=( 64 )
<>
##$SPNAM26=( 64 )
<>
##$SPNAM27=( 64 )
<>
$$ @vis= SPNAM19 SPNAM20 SPNAM21 SPNAM22 SPNAM23 SPNAM24 SPNAM25 SPNAM26
##$SPNAM28=( 64 )
<>
##$SPNAM29=( 64 )
<>
##$SPNAM30=( 64 )
<>
##$SPNAM31=( 64 )
<>
##$SPNAM32=( 64 )
<>
##$SPNAM33=( 64 )
<>
##$SPNAM34=( 64 )
<>
##$SPNAM35=( 64 )
<>
$$ @vis= SPNAM27 SPNAM28 SPNAM29 SPNAM30 SPNAM31 SPNAM32 SPNAM33 SPNAM34
##$SPNAM36=( 64 )
<>
##$SPNAM37=( 64 )
<>
##$SPNAM38=( 64 )
<>
##$SPNAM39=( 64 )
<>
##$SPNAM40=( 64 )
<$PVM_FatSupPulShape>
##$SPNAM41=( 64 )
<sech.exc>
##$SPNAM42=( 64 )
<$PVM_SelIrPulShape>
##$SPNAM43=( 64 )
<>
$$ @vis= SPNAM35 SPNAM36 SPNAM37 SPNAM38 SPNAM39 SPNAM40 SPNAM41 SPNAM42
##$SPNAM44=( 64 )
<$PVM_FlowSatPulShape>
##$SPNAM45=( 64 )
<bp.exc>
##$SPNAM46=( 64 )
<$PVM_BlBloodPulShape>
##$SPNAM47=( 64 )
<>
##$SPNAM48=( 64 )
<>
##$SPNAM49=( 64 )
<>
##$SPNAM50=( 64 )
<>
##$SPNAM51=( 64 )
<>
$$ @vis= SPNAM43 SPNAM44 SPNAM45 SPNAM46 SPNAM47 SPNAM48 SPNAM49 SPNAM50
##$SPNAM52=( 64 )
<>
##$SPNAM53=( 64 )
<>
##$SPNAM54=( 64 )
<>
##$SPNAM55=( 64 )
<>
##$SPNAM56=( 64 )
<>
##$SPNAM57=( 64 )
<>
##$SPNAM58=( 64 )
<>
##$SPNAM59=( 64 )
<>
$$ @vis= SPNAM51 SPNAM52 SPNAM53 SPNAM54 SPNAM55 SPNAM56 SPNAM57 SPNAM58
##$SPNAM60=( 64 )
<>
##$SPNAM61=( 64 )
<>
##$SPNAM62=( 64 )
<>
##$SPNAM63=( 64 )
<>
##$HPPRGN=normal
##$LOCNUC=( 8 )
<off>
##$QNP=1
##$SOLVENT=( 16 )
<>
$$ @vis= SPNAM59 SPNAM60 SPNAM61 SPNAM62 SPNAM63 SPNAMES HPPRGN LOCNUC QNP
##$DIGMOD=digital_mode
##$DIGTYP=DRU
##$DQDMODE=DQDMODE_sub
##$DSPFIRM=DSP_imaging_solids
##$DECIM=200
##$DSPFVS=22
##$ACQ_scan_shift=-40
$$ @vis= SOLVENT HIRES DIGMOD DIGTYP DQDMODE DSPFIRM DECIM DSPFVS
##$DEOSC=1285
##$DE=6
##$HDDUTY=20
##$HDRATE=1
##$ACQ_n_trim=1
$$ @vis= ACQ_scan_shift DEOSC DE HDDUTY HDRATE AVANCE_PARS ACQ_n_trim
##$ACQ_scaling_read=1
##$ACQ_scaling_phase=1
##$ACQ_scaling_slice=1
##$ACQ_grad_matrix_size=1
$$ @vis= ACQ_trim_values ACQ_scaling_read ACQ_scaling_phase ACQ_scaling_slice
##$ACQ_grad_matrix=( 1, 3, 3 )
0 1 0 1 0 0 0 0 1
##$NSLICES=1
##$ACQ_rare_factor=1
##$ACQ_phase_encoding_mode=( 2 )
Read User_Defined_Encoding
$$ @vis= ACQ_grad_matrix_size ACQ_grad_matrix NSLICES ACQ_rare_factor
##$ACQ_phase_enc_start=( 2 )
-1 -1
##$ACQ_spatial_size_1=40
##$ACQ_spatial_phase_1=( 40 )
-1 -0.95 -0.9 -0.85 -0.8 -0.75 -0.7 -0.65 -0.6 -0.55 -0.5 -0.45 -0.4 -0.35 
-0.3 -0.25 -0.2 -0.15 -0.1 -0.05 0 0.05 0.1 0.15 0.2 0.25 0.3 0.35 0.4 0.45 
0.5 0.55 0.6 0.65 0.7 0.75 0.8 0.85 0.9 0.95
$$ @vis= ACQ_phase_encoding_mode ACQ_phase_enc_start ACQ_spatial_size_1
##$ACQ_gradient_amplitude=( 100 )
68.6156954972665 50 14.8054700105709 36.3324417437323 4.00909701999804 
16.337070356492 0 20.421337945615 2.00454850999902 0 0 0 0 0 0 0 0 0 0 0 0 0 
0 0 0 0 0 0 0 0 0 0 0 0 0 0 0 0 0 0 0 0 0 0 0 0 0 0 0 0 0 0 0 0 0 0 0 0 0 0 0 
0 0 0 0 0 0 0 0 0 0 0 0 0 0 0 0 0 0 0 0 0 0 0 0 0 0 0 0 0 0 0 0 0 0 0 0 0 0 0
##$GS_dim=1
##$GS_disp_update=Each_Accum
$$ @vis= ACQ_spatial_phase_1 ACQ_gradient_amplitude GRAD_PARS GS_dim
##$GS_online_reco=Yes
##$GS_reco_display=Yes
##$GS_shuffle_profiles=Yes
##$GS_typ=Spectrometer_Parameters
$$ @vis= GS_disp_update GS_online_reco GS_reco_display GS_shuffle_profiles
##$GS_info_dig_filling=Yes
##$GS_info_normalized_area=No_info
##$GS_info_max_point=No_info
##$GS_get_info_points=No_info
$$ @vis= GS_typ GS_info_dig_filling GS_info_normalized_area GS_info_max_point
##$GS_continue=Exit_gsauto
##$GO_init_files=No
##$GO_data_save=Yes
##$GO_block_size=Standard_KBlock_Format
$$ @vis= GS_get_info_points GS_continue GS GO_init_files GO_data_save
##$GO_raw_data_format=GO_32BIT_SGN_INT
##$GO_disp_update=Each_Accum
##$GO_online_reco=Yes
##$GO_reco_display=Yes
$$ @vis= GO_block_size GO_raw_data_format GO_disp_update GO_online_reco
##$GO_reco_each_nr=No
##$GO_max_reco_mem=0
##$GO_time_est=Yes
##$GO_use_macro=No
$$ @vis= GO_reco_display GO_reco_each_nr GO_max_reco_mem GO_time_est
##$GO_macro=( 4096 )
<>
##$GO_LogTimestamp=No
##$ACQ_DriftCompActive=No
##$ACQ_DriftCompJob=1
##$ACQ_DriftCompFilterWidth=1
$$ @vis= GO_use_macro GO_LogTimestamp GO ACQ_DriftCompActive ACQ_DriftCompJob
##$ACQ_DriftCompStep=1
##$ACQ_DriftCompOffset=0
##$ACQ_DriftCompDebug=No
$$ @vis= ACQ_DriftCompFilterWidth ACQ_DriftCompStep ACQ_DriftCompOffset
##$ACQ_MPI_field_steps=1
##$ACQ_MPI_drive_field_cycle=0
$$ @vis= ACQ_DriftCompDebug Drift ACQ_MPI_field_steps
##$ACQ_MPI_selection_field_gradient=0
##$ACQ_MPI_base_frequency=0
$$ @vis= ACQ_MPI_drive_field_cycle ACQ_MPI_selection_field_gradient
##$ACQ_MPI_drive_field_strength=( 3 )
0 0 0
##$ACQ_MPI_div=( 3 )
0 0 0
##$ACQ_MPI_frequency_select=( 3 )
Yes Yes Yes
$$ @vis= ACQ_MPI_base_frequency ACQ_MPI_drive_field_strength ACQ_MPI_div
$$ @vis= ACQ_MPI_frequency_select MPI ACQP
##END=
$$ File finished by PARX at 2021-05-21 20:38:25.863 +0100
